PATH
  remote: .
  specs:
    e_gadd_view_tool (0.1.0)

GEM
  remote: https://rubygems.org/
  specs:
    rake (10.4.2)

PLATFORMS
  ruby

DEPENDENCIES
  bundler (~> 1.16)
  e_gadd_view_tool!
  rake (~> 10.0)

BUNDLED WITH
   1.16.0
